GEM
  remote: https://rubygems.org/
  specs:
    msgpack (1.3.1)
    rubyzip (2.0.0)

PLATFORMS
  ruby

DEPENDENCIES
  msgpack
  rubyzip

BUNDLED WITH
   2.0.2
